{
  "Modality": "MR",
  "MagneticFieldStrength": 3,
  "ImagingFrequency": 123.252,
  "Manufacturer": "Siemens",
  "ManufacturersModelName": "Prisma_fit",
  "InstitutionName": "PSU-SLEIC",
  "InstitutionalDepartmentName": "Department",
  "InstitutionAddress": "University Park Chandlee Laboratory,State College,PA,US,16802",
  "DeviceSerialNumber": "67039",
  "StationName": "AWP67039",
  "BodyPartExamined": "BRAIN",
  "PatientPosition": "HFS",
  "ProcedureStepDescription": "Investigators 20 ch^klk37",
  "SoftwareVersions": "syngo MR E11",
  "MRAcquisitionType": "2D",
  "SeriesDescription": "FieldMap",
  "ProtocolName": "FieldMap",
  "ScanningSequence": "GR",
  "SequenceVariant": "SP",
  "SequenceName": "*fm2d2r",
  "ImageType": [
    "ORIGINAL",
    "PRIMARY",
    "M",
    "ND",
    "NORM"
  ],
  "SeriesNumber": 15,
  "AcquisitionTime": "12:43:9.297500",
  "AcquisitionNumber": 1,
  "SliceThickness": 3,
  "SpacingBetweenSlices": 3,
  "SAR": 0.104832,
  "EchoNumber": 1,
  "EchoTime": 0.00519,
  "RepetitionTime": 0.4,
  "FlipAngle": 60,
  "PartialFourier": 1,
  "BaseResolution": 74,
  "ShimSetting": [
    -1980,
    8207,
    9550,
    555,
    -296,
    -41,
    44,
    -39
  ],
  "TxRefAmp": 229.004,
  "PhaseResolution": 1,
  "ReceiveCoilName": "HeadNeck_20",
  "ReceiveCoilActiveElements": "HE1-4;NE1,2",
  "PulseSequenceDetails": "%SiemensSeq%\\gre_field_mapping",
  "ConsistencyInfo": "N4_VE11C_LATEST_20160120",
  "PercentPhaseFOV": 100,
  "PercentSampling": 100,
  "PhaseEncodingSteps": 74,
  "AcquisitionMatrixPE": 74,
  "ReconMatrixPE": 74,
  "PixelBandwidth": 260,
  "DwellTime": 2.6e-05,
  "PhaseEncodingDirection": "j-",
  "SliceTiming": [
    0.39062,
    0.375,
    0.36719,
    0.35156,
    0.34375,
    0.32812,
    0.3125,
    0.30469,
    0.29688,
    0.28125,
    0.26562,
    0.25781,
    0.24219,
    0.23438,
    0.21875,
    0.21094,
    0.19531,
    0.1875,
    0.17188,
    0.15625,
    0.14844,
    0.13281,
    0.125,
    0.10938,
    0.10156,
    0.08594,
    0.07031,
    0.0625,
    0.05469,
    0.03906,
    0.02344,
    0.01562,
    0
  ],
  "ImageOrientationPatientDICOM": [
    1,
    6.05037e-05,
    0.000336521,
    5.25565e-08,
    0.984192,
    -0.177106
  ],
  "InPlanePhaseEncodingDirectionDICOM": "COL",
  "ConversionSoftware": "dcm2niix",
  "ConversionSoftwareVersion": "v1.0.20210317",
  "Dcm2bidsVersion": "2.1.6",
  "IntendedFor": [
    "ses-1/func/sub-127_ses-1_task-foodcue_run-01_bold.nii.gz",
    "ses-1/func/sub-127_ses-1_task-foodcue_run-02_bold.nii.gz",
    "ses-1/func/sub-127_ses-1_task-foodcue_run-03_bold.nii.gz",
    "ses-1/func/sub-127_ses-1_task-foodcue_run-04_bold.nii.gz",
    "ses-1/func/sub-127_ses-1_task-foodcue_run-05_bold.nii.gz",
    "ses-1/func/sub-127_ses-1_task-rest_bold.nii.gz"
  ]
}
