{
  "Modality": "MR",
  "MagneticFieldStrength": 3,
  "ImagingFrequency": 123.247,
  "Manufacturer": "Siemens",
  "ManufacturersModelName": "Prisma_fit",
  "InstitutionName": "PSU-SLEIC",
  "InstitutionalDepartmentName": "Department",
  "InstitutionAddress": "University Park Chandlee Laboratory,State College,PA,US,16802",
  "DeviceSerialNumber": "67039",
  "StationName": "AWP67039",
  "BodyPartExamined": "BRAIN",
  "PatientPosition": "HFS",
  "ProcedureStepDescription": "Investigators 20 ch^klk37",
  "SoftwareVersions": "syngo MR E11",
  "MRAcquisitionType": "2D",
  "SeriesDescription": "FieldMap",
  "ProtocolName": "FieldMap",
  "ScanningSequence": "GR",
  "SequenceVariant": "SP",
  "SequenceName": "*fm2d2r",
  "ImageType": [
    "ORIGINAL",
    "PRIMARY",
    "M",
    "ND",
    "NORM"
  ],
  "SeriesNumber": 15,
  "AcquisitionTime": "17:40:47.800000",
  "AcquisitionNumber": 1,
  "SliceThickness": 3,
  "SpacingBetweenSlices": 3,
  "SAR": 0.1841,
  "EchoNumber": 2,
  "EchoTime": 0.00765,
  "RepetitionTime": 0.4,
  "FlipAngle": 60,
  "PartialFourier": 1,
  "BaseResolution": 74,
  "ShimSetting": [
    -1946,
    8235,
    9593,
    651,
    48,
    -52,
    339,
    -35
  ],
  "TxRefAmp": 228.598,
  "PhaseResolution": 1,
  "ReceiveCoilName": "HeadNeck_20",
  "ReceiveCoilActiveElements": "HE1-4",
  "PulseSequenceDetails": "%SiemensSeq%\\gre_field_mapping",
  "ConsistencyInfo": "N4_VE11C_LATEST_20160120",
  "PercentPhaseFOV": 100,
  "PercentSampling": 100,
  "PhaseEncodingSteps": 74,
  "AcquisitionMatrixPE": 74,
  "ReconMatrixPE": 74,
  "PixelBandwidth": 260,
  "DwellTime": 2.6e-05,
  "PhaseEncodingDirection": "j-",
  "SliceTiming": [
    0.39062,
    0.375,
    0.375,
    0.35938,
    0.34375,
    0.32812,
    0.3125,
    0.3125,
    0.29688,
    0.28125,
    0.26562,
    0.26562,
    0.25,
    0.23438,
    0.21875,
    0.21875,
    0.20312,
    0.1875,
    0.17188,
    0.15625,
    0.15625,
    0.14062,
    0.125,
    0.10938,
    0.09375,
    0.09375,
    0.07812,
    0.0625,
    0.04688,
    0.04688,
    0.03125,
    0.01562,
    0
  ],
  "ImageOrientationPatientDICOM": [
    1,
    3.25415e-07,
    8.99009e-06,
    -1.17087e-08,
    0.999392,
    -0.0348726
  ],
  "InPlanePhaseEncodingDirectionDICOM": "COL",
  "ConversionSoftware": "dcm2niix",
  "ConversionSoftwareVersion": "v1.0.20210317",
  "Dcm2bidsVersion": "2.1.6",
  "IntendedFor": [
    "ses-1/func/sub-007_ses-1_task-foodcue_run-01_bold.nii.gz",
    "ses-1/func/sub-007_ses-1_task-foodcue_run-02_bold.nii.gz",
    "ses-1/func/sub-007_ses-1_task-foodcue_run-03_bold.nii.gz",
    "ses-1/func/sub-007_ses-1_task-foodcue_run-04_bold.nii.gz",
    "ses-1/func/sub-007_ses-1_task-foodcue_run-05_bold.nii.gz",
    "ses-1/func/sub-007_ses-1_task-rest_bold.nii.gz"
  ]
}
