{
  "Modality": "MR",
  "MagneticFieldStrength": 3,
  "ImagingFrequency": 123.247,
  "Manufacturer": "Siemens",
  "ManufacturersModelName": "Prisma_fit",
  "InstitutionName": "Penn State SLEIC",
  "InstitutionalDepartmentName": "Department",
  "InstitutionAddress": "University Park Chandlee Laboratory,State College,PA,US,16802",
  "DeviceSerialNumber": "67039",
  "StationName": "AWP67039",
  "BodyPartExamined": "BRAIN",
  "PatientPosition": "HFS",
  "ProcedureStepDescription": "Investigators 20 ch^klk37",
  "SoftwareVersions": "syngo MR E11",
  "MRAcquisitionType": "2D",
  "SeriesDescription": "run-1-physio",
  "ProtocolName": "run-1-physio",
  "ScanningSequence": "EP",
  "SequenceVariant": "SK",
  "ScanOptions": "FS\\RT",
  "SequenceName": "ep10662d1_74",
  "ImageType": [
    "ORIGINAL",
    "PRIMARY",
    "M",
    "ND",
    "NORM",
    "MOSAIC"
  ],
  "SeriesNumber": 5,
  "AcquisitionTime": "18:26:47.127500",
  "AcquisitionNumber": 1,
  "SliceThickness": 3,
  "SpacingBetweenSlices": 3,
  "SAR": 0.102763,
  "EchoTime": 0.026,
  "RepetitionTime": 2,
  "FlipAngle": 90,
  "PartialFourier": 1,
  "BaseResolution": 74,
  "ShimSetting": [
    -1935,
    8248,
    9569,
    575,
    -46,
    42,
    268,
    -12
  ],
  "TxRefAmp": 228.467,
  "PhaseResolution": 1,
  "ReceiveCoilName": "HeadNeck_20",
  "ReceiveCoilActiveElements": "HE1-4",
  "PulseSequenceDetails": "%CustomerSeq%\\ep2d_bold_1066",
  "WipMemBlock": "WIP_1066: BOLD with advanced physio logging for VE11C (Tue Aug 16 08:33:54 2016)",
  "ConsistencyInfo": "N4_VE11C_LATEST_20160120",
  "PercentPhaseFOV": 100,
  "PercentSampling": 100,
  "EchoTrainLength": 74,
  "PhaseEncodingSteps": 74,
  "AcquisitionMatrixPE": 74,
  "ReconMatrixPE": 74,
  "BandwidthPerPixelPhaseEncode": 27.579,
  "EffectiveEchoSpacing": 0.000489993,
  "DerivedVendorReportedEchoSpacing": 0.000489993,
  "TotalReadoutTime": 0.0357695,
  "PixelBandwidth": 2330,
  "DwellTime": 2.9e-06,
  "PhaseEncodingDirection": "j-",
  "SliceTiming": [
    1.9175,
    1.8575,
    1.7975,
    1.7375,
    1.6775,
    1.6175,
    1.5575,
    1.4975,
    1.4375,
    1.3775,
    1.3175,
    1.2575,
    1.1975,
    1.1375,
    1.0775,
    1.0175,
    0.9575,
    0.8975,
    0.8375,
    0.7775,
    0.7175,
    0.6575,
    0.6,
    0.54,
    0.48,
    0.42,
    0.36,
    0.3,
    0.24,
    0.18,
    0.12,
    0.06,
    0
  ],
  "ImageOrientationPatientDICOM": [
    0.999987,
    0.000446662,
    0.00511439,
    -5.76637e-09,
    0.996208,
    -0.0870022
  ],
  "InPlanePhaseEncodingDirectionDICOM": "COL",
  "ConversionSoftware": "dcm2niix",
  "ConversionSoftwareVersion": "v1.0.20210317",
  "Dcm2bidsVersion": "2.1.6",
  "TaskName": "foodcue"
}
