{
  "Modality": "MR",
  "MagneticFieldStrength": 3,
  "ImagingFrequency": 123.246,
  "Manufacturer": "Siemens",
  "ManufacturersModelName": "Prisma_fit",
  "InstitutionName": "Penn State SLEIC",
  "InstitutionalDepartmentName": "Department",
  "InstitutionAddress": "University Park Chandlee Laboratory,State College,PA,US,16802",
  "DeviceSerialNumber": "67039",
  "StationName": "AWP67039",
  "BodyPartExamined": "BRAIN",
  "PatientPosition": "HFS",
  "ProcedureStepDescription": "Investigators 20 ch^kss23",
  "SoftwareVersions": "syngo MR E11",
  "MRAcquisitionType": "2D",
  "SeriesDescription": "FieldMap",
  "ProtocolName": "FieldMap",
  "ScanningSequence": "GR",
  "SequenceVariant": "SP",
  "SequenceName": "*fm2d2r",
  "ImageType": [
    "ORIGINAL",
    "PRIMARY",
    "M",
    "ND",
    "NORM"
  ],
  "SeriesNumber": 16,
  "AcquisitionTime": "12:52:52.965000",
  "AcquisitionNumber": 1,
  "SliceThickness": 3,
  "SpacingBetweenSlices": 3,
  "SAR": 0.172571,
  "EchoNumber": 2,
  "EchoTime": 0.00765,
  "RepetitionTime": 0.4,
  "FlipAngle": 60,
  "PartialFourier": 1,
  "BaseResolution": 74,
  "ShimSetting": [
    -1956,
    8243,
    9581,
    690,
    -113,
    -198,
    53,
    26
  ],
  "TxRefAmp": 228.018,
  "PhaseResolution": 1,
  "ReceiveCoilName": "HeadNeck_20",
  "ReceiveCoilActiveElements": "HE3,4",
  "PulseSequenceDetails": "%SiemensSeq%\\gre_field_mapping",
  "ConsistencyInfo": "N4_VE11C_LATEST_20160120",
  "PercentPhaseFOV": 100,
  "PercentSampling": 100,
  "PhaseEncodingSteps": 74,
  "AcquisitionMatrixPE": 74,
  "ReconMatrixPE": 74,
  "PixelBandwidth": 260,
  "DwellTime": 2.6e-05,
  "PhaseEncodingDirection": "j-",
  "SliceTiming": [
    0.39062,
    0.375,
    0.35938,
    0.35156,
    0.33594,
    0.32812,
    0.3125,
    0.30469,
    0.28906,
    0.27344,
    0.26562,
    0.25781,
    0.24219,
    0.22656,
    0.21875,
    0.20312,
    0.19531,
    0.17969,
    0.17188,
    0.15625,
    0.14062,
    0.13281,
    0.11719,
    0.10938,
    0.09375,
    0.08594,
    0.07031,
    0.0625,
    0.04688,
    0.03125,
    0.02344,
    0.01562,
    0
  ],
  "ImageOrientationPatientDICOM": [
    1,
    -4.91153e-09,
    -5.11666e-07,
    -4.91153e-09,
    0.999816,
    -0.0191964
  ],
  "InPlanePhaseEncodingDirectionDICOM": "COL",
  "ConversionSoftware": "dcm2niix",
  "ConversionSoftwareVersion": "v1.0.20210317",
  "Dcm2bidsVersion": "2.1.6",
  "IntendedFor": [
    "ses-1/func/sub-038_ses-1_task-foodcue_run-01_bold.nii.gz",
    "ses-1/func/sub-038_ses-1_task-foodcue_run-02_bold.nii.gz",
    "ses-1/func/sub-038_ses-1_task-foodcue_run-03_bold.nii.gz",
    "ses-1/func/sub-038_ses-1_task-foodcue_run-04_bold.nii.gz",
    "ses-1/func/sub-038_ses-1_task-foodcue_run-05_bold.nii.gz",
    "ses-1/func/sub-038_ses-1_task-rest_bold.nii.gz"
  ]
}
