{
  "Modality": "MR",
  "MagneticFieldStrength": 3,
  "ImagingFrequency": 123.247,
  "Manufacturer": "Siemens",
  "ManufacturersModelName": "Prisma_fit",
  "InstitutionName": "PSU-SLEIC",
  "InstitutionalDepartmentName": "Department",
  "InstitutionAddress": "University Park Chandlee Laboratory,State College,PA,US,16802",
  "DeviceSerialNumber": "67039",
  "StationName": "AWP67039",
  "BodyPartExamined": "BRAIN",
  "PatientPosition": "HFS",
  "ProcedureStepDescription": "Investigators 20 ch^klk37",
  "SoftwareVersions": "syngo MR D13D",
  "MRAcquisitionType": "2D",
  "SeriesDescription": "FieldMap",
  "ProtocolName": "FieldMap",
  "ScanningSequence": "GR",
  "SequenceVariant": "SP",
  "SequenceName": "*fm2d2r",
  "ImageType": [
    "ORIGINAL",
    "PRIMARY",
    "P",
    "ND",
    "PHASE"
  ],
  "SeriesNumber": 16,
  "AcquisitionTime": "16:16:29.880000",
  "AcquisitionNumber": 1,
  "SliceThickness": 3,
  "SpacingBetweenSlices": 3,
  "SAR": 0.169496,
  "EchoNumber": 2,
  "EchoTime": 0.00765,
  "RepetitionTime": 0.42,
  "FlipAngle": 60,
  "EchoTime1": 0.00519,
  "EchoTime2": 0.00765,
  "PartialFourier": 1,
  "BaseResolution": 74,
  "ShimSetting": [
    -1921,
    8225,
    9476,
    460,
    2,
    -134,
    177,
    -31
  ],
  "TxRefAmp": 236.032,
  "PhaseResolution": 1,
  "ReceiveCoilName": "HeadNeck_20",
  "ReceiveCoilActiveElements": "HE1-4",
  "PulseSequenceDetails": "%SiemensSeq%\\gre_field_mapping",
  "ConsistencyInfo": "N4_VD13D_LATEST_20130810",
  "MultibandAccelerationFactor": 2,
  "PercentPhaseFOV": 100,
  "PercentSampling": 100,
  "PhaseEncodingSteps": 74,
  "AcquisitionMatrixPE": 74,
  "ReconMatrixPE": 74,
  "PixelBandwidth": 260,
  "DwellTime": 2.6e-05,
  "PhaseEncodingDirection": "j",
  "SliceTiming": [
    0.40625,
    0.40625,
    0.39062,
    0.375,
    0.35938,
    0.34375,
    0.32812,
    0.32812,
    0.3125,
    0.29688,
    0.28125,
    0.26562,
    0.26562,
    0.25,
    0.23438,
    0.21875,
    0.20312,
    0.1875,
    0.1875,
    0.17188,
    0.15625,
    0.14062,
    0.125,
    0.125,
    0.10938,
    0.09375,
    0.07812,
    0.0625,
    0.04688,
    0.04688,
    0.03125,
    0.01562,
    0
  ],
  "ImageOrientationPatientDICOM": [
    0.999817,
    0.00153352,
    0.0190567,
    6.41968e-09,
    0.996778,
    -0.0802126
  ],
  "InPlanePhaseEncodingDirectionDICOM": "COL",
  "ConversionSoftware": "dcm2niix",
  "ConversionSoftwareVersion": "v1.0.20210317",
  "Dcm2bidsVersion": "2.1.6",
  "IntendedFor": [
    "ses-1/func/sub-002_ses-1_task-foodcue_run-01_bold.nii.gz",
    "ses-1/func/sub-002_ses-1_task-foodcue_run-02_bold.nii.gz",
    "ses-1/func/sub-002_ses-1_task-foodcue_run-03_bold.nii.gz",
    "ses-1/func/sub-002_ses-1_task-foodcue_run-04_bold.nii.gz",
    "ses-1/func/sub-002_ses-1_task-foodcue_run-05_bold.nii.gz",
    "ses-1/func/sub-002_ses-1_task-rest_bold.nii.gz"
  ]
}
