{
  "Modality": "MR",
  "MagneticFieldStrength": 3,
  "ImagingFrequency": 123.247,
  "Manufacturer": "Siemens",
  "ManufacturersModelName": "Prisma_fit",
  "InstitutionName": "PSU-SLEIC",
  "InstitutionalDepartmentName": "Department",
  "InstitutionAddress": "University Park Chandlee Laboratory,State College,PA,US,16802",
  "DeviceSerialNumber": "67039",
  "StationName": "AWP67039",
  "BodyPartExamined": "BRAIN",
  "PatientPosition": "HFS",
  "ProcedureStepDescription": "Investigators 20 ch^klk37",
  "SoftwareVersions": "syngo MR D13D",
  "MRAcquisitionType": "2D",
  "SeriesDescription": "run-1",
  "ProtocolName": "run-1",
  "ScanningSequence": "EP",
  "SequenceVariant": "SK",
  "ScanOptions": "FS\\RT",
  "SequenceName": "ep883A2d1_74",
  "ImageType": [
    "ORIGINAL",
    "PRIMARY",
    "M",
    "ND",
    "NORM",
    "MOSAIC"
  ],
  "SeriesNumber": 5,
  "AcquisitionTime": "17:17:20.152500",
  "AcquisitionNumber": 1,
  "SliceThickness": 3,
  "SpacingBetweenSlices": 3,
  "SAR": 0.182626,
  "EchoTime": 0.026,
  "RepetitionTime": 2,
  "FlipAngle": 90,
  "PartialFourier": 1,
  "BaseResolution": 74,
  "ShimSetting": [
    -1897,
    8223,
    9466,
    260,
    -147,
    26,
    149,
    75
  ],
  "TxRefAmp": 239.452,
  "PhaseResolution": 1,
  "ReceiveCoilName": "HeadNeck_20",
  "ReceiveCoilActiveElements": "HE1-4",
  "PulseSequenceDetails": "%CustomerSeq%\\ep2d_bold_883A",
  "WipMemBlock": "WIP_883A_VD13D: Advanced FMRI, V3.1 (Physio logging, DistorCor, AdvGLM) (Tue May 27 11:12:36 2014)",
  "ConsistencyInfo": "N4_VD13D_LATEST_20130810",
  "PercentPhaseFOV": 100,
  "PercentSampling": 100,
  "EchoTrainLength": 74,
  "PhaseEncodingSteps": 74,
  "AcquisitionMatrixPE": 74,
  "ReconMatrixPE": 74,
  "BandwidthPerPixelPhaseEncode": 26.497,
  "EffectiveEchoSpacing": 0.000510002,
  "DerivedVendorReportedEchoSpacing": 0.000510002,
  "TotalReadoutTime": 0.0372301,
  "PixelBandwidth": 2250,
  "DwellTime": 3e-06,
  "PhaseEncodingDirection": "j-",
  "SliceTiming": [
    1.92,
    1.86,
    1.8,
    1.74,
    1.68,
    1.62,
    1.56,
    1.5,
    1.44,
    1.38,
    1.32,
    1.26,
    1.2,
    1.14,
    1.08,
    1.02,
    0.96,
    0.9,
    0.84,
    0.78,
    0.72,
    0.66,
    0.6,
    0.54,
    0.48,
    0.42,
    0.36,
    0.3,
    0.24,
    0.18,
    0.12,
    0.06,
    0
  ],
  "ImageOrientationPatientDICOM": [
    1,
    1.17748e-05,
    -0.000140145,
    -1.59843e-08,
    0.996499,
    0.0836104
  ],
  "InPlanePhaseEncodingDirectionDICOM": "COL",
  "ConversionSoftware": "dcm2niix",
  "ConversionSoftwareVersion": "v1.0.20210317",
  "Dcm2bidsVersion": "2.1.6",
  "TaskName": "foodcue"
}
