{
  "Modality": "MR",
  "MagneticFieldStrength": 3,
  "ImagingFrequency": 123.247,
  "Manufacturer": "Siemens",
  "ManufacturersModelName": "Prisma_fit",
  "InstitutionName": "PSU-SLEIC",
  "InstitutionalDepartmentName": "Department",
  "InstitutionAddress": "University Park Chandlee Laboratory,State College,PA,US,16802",
  "DeviceSerialNumber": "67039",
  "StationName": "AWP67039",
  "BodyPartExamined": "BRAIN",
  "PatientPosition": "HFS",
  "ProcedureStepDescription": "Investigators 20 ch^klk37",
  "SoftwareVersions": "syngo MR D13D",
  "MRAcquisitionType": "2D",
  "SeriesDescription": "rest_physio",
  "ProtocolName": "rest_physio",
  "ScanningSequence": "EP",
  "SequenceVariant": "SK",
  "ScanOptions": "FS\\RT",
  "SequenceName": "ep883A2d1_74",
  "ImageType": [
    "ORIGINAL",
    "PRIMARY",
    "M",
    "ND",
    "NORM",
    "MOSAIC"
  ],
  "SeriesNumber": 3,
  "AcquisitionTime": "15:53:11.117500",
  "AcquisitionNumber": 1,
  "SliceThickness": 3,
  "SpacingBetweenSlices": 3,
  "SAR": 0.166899,
  "EchoTime": 0.026,
  "RepetitionTime": 2,
  "FlipAngle": 90,
  "PartialFourier": 1,
  "BaseResolution": 74,
  "ShimSetting": [
    -1921,
    8225,
    9476,
    460,
    2,
    -134,
    177,
    -31
  ],
  "TxRefAmp": 236.032,
  "PhaseResolution": 1,
  "ReceiveCoilName": "HeadNeck_20",
  "ReceiveCoilActiveElements": "HE1-4",
  "PulseSequenceDetails": "%CustomerSeq%\\ep2d_bold_883A",
  "WipMemBlock": "WIP_883A_VD13D: Advanced FMRI, V3.1 (Physio logging, DistorCor, AdvGLM) (Tue May 27 11:12:36 2014)",
  "ConsistencyInfo": "N4_VD13D_LATEST_20130810",
  "PercentPhaseFOV": 100,
  "PercentSampling": 100,
  "EchoTrainLength": 74,
  "PhaseEncodingSteps": 74,
  "AcquisitionMatrixPE": 74,
  "ReconMatrixPE": 74,
  "BandwidthPerPixelPhaseEncode": 26.497,
  "EffectiveEchoSpacing": 0.000510002,
  "DerivedVendorReportedEchoSpacing": 0.000510002,
  "TotalReadoutTime": 0.0372301,
  "PixelBandwidth": 2250,
  "DwellTime": 3e-06,
  "PhaseEncodingDirection": "j-",
  "SliceTiming": [
    1.9175,
    1.8575,
    1.7975,
    1.7375,
    1.6775,
    1.6175,
    1.5575,
    1.4975,
    1.4375,
    1.3775,
    1.3175,
    1.2575,
    1.1975,
    1.1375,
    1.0775,
    1.0175,
    0.9575,
    0.8975,
    0.8375,
    0.7775,
    0.7175,
    0.6575,
    0.5975,
    0.5375,
    0.48,
    0.42,
    0.36,
    0.3,
    0.24,
    0.18,
    0.12,
    0.06,
    0
  ],
  "ImageOrientationPatientDICOM": [
    0.999817,
    0.00153352,
    0.0190567,
    6.41968e-09,
    0.996778,
    -0.0802126
  ],
  "InPlanePhaseEncodingDirectionDICOM": "COL",
  "ConversionSoftware": "dcm2niix",
  "ConversionSoftwareVersion": "v1.0.20210317",
  "Dcm2bidsVersion": "2.1.6",
  "TaskName": "rest"
}
