{
    "Modality": "MR",
    "MagneticFieldStrength": 3,
    "ImagingFrequency": 123.247,
    "Manufacturer": "Siemens",
    "ManufacturersModelName": "Prisma_fit",
    "InstitutionName": "PSU-SLEIC",
    "InstitutionalDepartmentName": "Department",
    "InstitutionAddress": "University Park Chandlee Laboratory,State College,PA,US,16802",
    "DeviceSerialNumber": "67039",
    "StationName": "AWP67039",
    "BodyPartExamined": "BRAIN",
    "PatientPosition": "HFS",
    "ProcedureStepDescription": "Investigators 20 ch^klk37",
    "SoftwareVersions": "syngo MR E11",
    "MRAcquisitionType": "3D",
    "SeriesDescription": "T1 MPRage Sagittal",
    "ProtocolName": "T1 MPRage Sagittal",
    "ScanningSequence": "GR\\IR",
    "SequenceVariant": "SK\\SP\\MP\\OSP",
    "ScanOptions": "IR",
    "SequenceName": "*tfl3d1_16ns",
    "ImageType": [
        "ORIGINAL",
        "PRIMARY",
        "M",
        "NORM",
        "DIS2D"
    ],
    "SeriesNumber": 2,
    "AcquisitionTime": "15:37:5.195000",
    "AcquisitionNumber": 1,
    "SliceThickness": 1,
    "SAR": 0.147213,
    "EchoTime": 0.00203,
    "RepetitionTime": 1.65,
    "InversionTime": 0.9,
    "FlipAngle": 9,
    "PartialFourier": 1,
    "BaseResolution": 256,
    "ShimSetting": [
        -1941,
        8275,
        9263,
        132,
        -19,
        -59,
        -30,
        9
    ],
    "TxRefAmp": 221.041,
    "PhaseResolution": 1,
    "PhaseOversampling": 0.2,
    "ReceiveCoilName": "HeadNeck_20",
    "ReceiveCoilActiveElements": "HE1-4;NE1,2",
    "PulseSequenceDetails": "%SiemensSeq%\\tfl",
    "RefLinesPE": 24,
    "ConsistencyInfo": "N4_VE11C_LATEST_20160120",
    "PercentPhaseFOV": 100,
    "PercentSampling": 100,
    "PhaseEncodingSteps": 307,
    "AcquisitionMatrixPE": 256,
    "ReconMatrixPE": 256,
    "ParallelReductionFactorInPlane": 2,
    "PixelBandwidth": 240,
    "DwellTime": 8.2e-06,
    "ImageOrientationPatientDICOM": [
        -0.000411167,
        0.999877,
        0.0157019,
        0.0261737,
        0.0157073,
        -0.999534
    ],
    "InPlanePhaseEncodingDirectionDICOM": "ROW",
    "ConversionSoftware": "dcm2niix",
    "ConversionSoftwareVersion": "v1.0.20210317",
    "Dcm2bidsVersion": "2.1.6"
}